GEM
  remote: https://rubygems.org/
  specs:
    bootstrap-sass (3.3.0.1)
      sass (~> 3.2)
    coffee-script (2.3.0)
      coffee-script-source
      execjs
    coffee-script-source (1.8.0)
    execjs (2.2.2)
    haml (4.0.5)
      tilt
    rake (10.1.0)
    sass (3.4.7)
    tilt (2.0.1)

PLATFORMS
  ruby

DEPENDENCIES
  bootstrap-sass
  coffee-script
  haml
  rake
  sass
